GEM
  remote: https://rubygems.org/
  specs:
    dotenv (3.1.0)

PLATFORMS
  arm64-darwin-22
  x86_64-linux

DEPENDENCIES
  dotenv

BUNDLED WITH
   2.4.21
